GEM
  remote: https://rubygems.org/
  specs:
    CFPropertyList (2.3.5)
    activemodel (5.1.0)
      activesupport (= 5.1.0)
    activesupport (5.1.0)
      concurrent-ruby (~> 1.0, >= 1.0.2)
      i18n (~> 0.7)
      minitest (~> 5.1)
      tzinfo (~> 1.1)
    addressable (2.5.1)
      public_suffix (~> 2.0, >= 2.0.2)
    awesome_print (1.7.0)
    babosa (1.0.2)
    badge (0.8.4)
      curb (~> 0.9)
      fastimage (>= 1.6)
      fastlane (>= 2.0)
      mini_magick (>= 4.5)
    claide (1.0.1)
    colored (1.2)
    colored2 (3.1.2)
    commander-fastlane (4.4.4)
      highline (~> 1.7.2)
    concurrent-ruby (1.0.5)
    curb (0.9.3)
    diff-lcs (1.3)
    docile (1.1.5)
    domain_name (0.5.20170404)
      unf (>= 0.0.5, < 1.0.0)
    dotenv (2.2.1)
    excon (0.55.0)
    faraday (0.12.1)
      multipart-post (>= 1.2, < 3)
    faraday-cookie_jar (0.0.6)
      faraday (>= 0.7.4)
      http-cookie (~> 1.0.0)
    faraday_middleware (0.11.0.1)
      faraday (>= 0.7.4, < 1.0)
    fastimage (2.1.0)
    fastlane (2.29.0)
      CFPropertyList (>= 2.3, < 3.0.0)
      addressable (>= 2.3, < 3.0.0)
      babosa (>= 1.0.2, < 2.0.0)
      bundler (>= 1.12.0, < 2.0.0)
      colored
      commander-fastlane (>= 4.4.0, < 5.0.0)
      dotenv (>= 2.1.1, < 3.0.0)
      excon (>= 0.45.0, < 1.0.0)
      faraday (~> 0.9)
      faraday-cookie_jar (~> 0.0.6)
      faraday_middleware (~> 0.9)
      fastimage (>= 1.6)
      gh_inspector (>= 1.0.1, < 2.0.0)
      google-api-client (~> 0.9.2)
      highline (>= 1.7.2, < 2.0.0)
      json (< 3.0.0)
      mini_magick (~> 4.5.1)
      multi_json
      multi_xml (~> 0.5)
      multipart-post (~> 2.0.0)
      plist (>= 3.1.0, < 4.0.0)
      rubyzip (>= 1.1.0, < 2.0.0)
      security (= 0.1.3)
      slack-notifier (>= 1.3, < 2.0.0)
      terminal-notifier (>= 1.6.2, < 2.0.0)
      terminal-table (>= 1.4.5, < 2.0.0)
      tty-screen (~> 0.5.0)
      word_wrap (~> 1.0.0)
      xcodeproj (>= 1.4.4, < 2.0.0)
      xcpretty (>= 0.2.4, < 1.0.0)
      xcpretty-travis-formatter (>= 0.0.3)
    fastlane-plugin-get_unprovisioned_devices_from_hockey (0.1.1)
      json
    gh_inspector (1.0.3)
    google-api-client (0.9.28)
      addressable (~> 2.3)
      googleauth (~> 0.5)
      httpclient (~> 2.7)
      hurley (~> 0.1)
      memoist (~> 0.11)
      mime-types (>= 1.6)
      representable (~> 2.3.0)
      retriable (~> 2.0)
    googleauth (0.5.1)
      faraday (~> 0.9)
      jwt (~> 1.4)
      logging (~> 2.0)
      memoist (~> 0.12)
      multi_json (~> 1.11)
      os (~> 0.9)
      signet (~> 0.7)
    highline (1.7.8)
    hockeyapp (0.0.15)
      activemodel
      awesome_print
      httmultiparty
      multi_json
      rake
      rspec
      simplecov
    httmultiparty (0.3.16)
      httparty (>= 0.7.3)
      mimemagic
      multipart-post
    http-cookie (1.0.3)
      domain_name (~> 0.5)
    httparty (0.14.0)
      multi_xml (>= 0.5.2)
    httpclient (2.8.3)
    hurley (0.2)
    i18n (0.8.1)
    json (2.1.0)
    jwt (1.5.6)
    little-plugger (1.1.4)
    logging (2.2.2)
      little-plugger (~> 1.1)
      multi_json (~> 1.10)
    memoist (0.15.0)
    mime-types (3.1)
      mime-types-data (~> 3.2015)
    mime-types-data (3.2016.0521)
    mimemagic (0.3.2)
    mini_magick (4.5.1)
    minitest (5.10.2)
    multi_json (1.12.1)
    multi_xml (0.6.0)
    multipart-post (2.0.0)
    nanaimo (0.2.3)
    os (0.9.6)
    plist (3.3.0)
    public_suffix (2.0.5)
    rake (12.0.0)
    representable (2.3.0)
      uber (~> 0.0.7)
    retriable (2.1.0)
    rouge (2.0.7)
    rspec (3.6.0)
      rspec-core (~> 3.6.0)
      rspec-expectations (~> 3.6.0)
      rspec-mocks (~> 3.6.0)
    rspec-core (3.6.0)
      rspec-support (~> 3.6.0)
    rspec-expectations (3.6.0)
      diff-lcs (>= 1.2.0, < 2.0)
      rspec-support (~> 3.6.0)
    rspec-mocks (3.6.0)
      diff-lcs (>= 1.2.0, < 2.0)
      rspec-support (~> 3.6.0)
    rspec-support (3.6.0)
    rubyzip (1.2.1)
    security (0.1.3)
    signet (0.7.3)
      addressable (~> 2.3)
      faraday (~> 0.9)
      jwt (~> 1.5)
      multi_json (~> 1.10)
    simplecov (0.14.1)
      docile (~> 1.1.0)
      json (>= 1.8, < 3)
      simplecov-html (~> 0.10.0)
    simplecov-html (0.10.0)
    slack-notifier (1.5.1)
    terminal-notifier (1.7.1)
    terminal-table (1.7.3)
      unicode-display_width (~> 1.1.1)
    thread_safe (0.3.6)
    tty-screen (0.5.0)
    tzinfo (1.2.3)
      thread_safe (~> 0.1)
    uber (0.0.15)
    unf (0.1.4)
      unf_ext
    unf_ext (0.0.7.4)
    unicode-display_width (1.1.3)
    word_wrap (1.0.0)
    xcodeproj (1.4.4)
      CFPropertyList (~> 2.3.3)
      claide (>= 1.0.1, < 2.0)
      colored2 (~> 3.1)
      nanaimo (~> 0.2.3)
    xcpretty (0.2.7)
      rouge (~> 2.0.7)
    xcpretty-travis-formatter (0.0.4)
      xcpretty (~> 0.2, >= 0.0.7)

PLATFORMS
  ruby

DEPENDENCIES
  badge
  fastlane
  fastlane-plugin-get_unprovisioned_devices_from_hockey
  hockeyapp
  json
  xcodeproj


BUNDLED WITH
   1.14.6
